GEM
  remote: http://rubygems.org/
  specs:
    oj (2.10.2)
    rack (1.6.4)
    rack-protection (1.5.3)
      rack
    sequel (4.28.0)
    sinatra (1.4.6)
      rack (~> 1.4)
      rack-protection (~> 1.4)
      tilt (>= 1.3, < 3)
    sinatra-sequel (0.9.0)
      sequel (>= 3.2.0)
      sinatra (>= 0.9.4)
    sqlite3 (1.3.11)
    tilt (2.0.1)

PLATFORMS
  ruby

DEPENDENCIES
  oj
  sequel
  sinatra
  sinatra-sequel
  sqlite3

BUNDLED WITH
   1.10.6
